GEM
  remote: https://rubygems.org/
  specs:
    clipboard (1.3.5)
    cyberarm_engine (0.15.0)
      clipboard (~> 1.3.5)
      excon (~> 0.78.0)
      gosu (~> 1.0.0)
      gosu_more_drawables (~> 0.3)
    excon (0.78.1)
    gosu (1.0.0)
    gosu_more_drawables (0.3.1)
    mini_portile2 (2.8.0)
    nokogiri (1.13.5)
      mini_portile2 (~> 2.8.0)
      racc (~> 1.4)
    nokogiri (1.13.5-x86_64-linux)
      racc (~> 1.4)
    racc (1.6.0)

PLATFORMS
  ruby
  x86_64-linux

DEPENDENCIES
  cyberarm_engine
  nokogiri

BUNDLED WITH
   2.2.3
