GEM
  remote: https://rubygems.org/
  specs:
    cyberarm_engine (0.23.0)
      excon (~> 0.88)
      gosu (~> 1.1)
      gosu_more_drawables (~> 0.3)
    excon (0.99.0)
    gosu (1.4.5)
    gosu_more_drawables (0.3.1)
    mini_portile2 (2.8.1)
    nokogiri (1.14.3)
      mini_portile2 (~> 2.8.0)
      racc (~> 1.4)
    nokogiri (1.14.3-x64-mingw-ucrt)
      racc (~> 1.4)
    nokogiri (1.14.3-x86_64-linux)
      racc (~> 1.4)
    racc (1.6.2)

PLATFORMS
  ruby
  x64-mingw-ucrt
  x86_64-linux

DEPENDENCIES
  cyberarm_engine
  nokogiri

BUNDLED WITH
   2.4.8
